GEM
  remote: https://rubygems.org/
  specs:
    httpclient (2.3.4.1)

PLATFORMS
  ruby

DEPENDENCIES
  httpclient
